GEM
  specs:
    thor (0.19.1)

PLATFORMS
  x64-mingw32

DEPENDENCIES
  bundler
  thor

BUNDLED WITH
   1.10.6
